GEM
  remote: https://rubygems.org/
  specs:
    byebug (9.0.6)
    coderay (1.1.1)
    method_source (0.8.2)
    mustermann (1.0.0)
    mysql2 (0.4.5)
    pg (0.21.0)
    pry (0.10.4)
      coderay (~> 1.1.0)
      method_source (~> 0.8.1)
      slop (~> 3.4)
    pry-byebug (3.4.2)
      byebug (~> 9.0)
      pry (~> 0.10)
    rack (2.0.3)
    rack-protection (2.0.0)
      rack
    require_all (1.4.0)
    sequel (4.43.0)
    shotgun (0.9.2)
      rack (>= 1.0)
    sinatra (2.0.0)
      mustermann (~> 1.0)
      rack (~> 2.0)
      rack-protection (= 2.0.0)
      tilt (~> 2.0)
    slop (3.6.0)
    tilt (2.0.8)

PLATFORMS
  ruby

DEPENDENCIES
  mysql2
  pg
  pry
  pry-byebug
  require_all
  sequel
  shotgun
  sinatra

BUNDLED WITH
   1.14.4
