GEM
  remote: https://rubygems.org/
  specs:
    mustermann (1.0.0)
    puma (3.8.0)
    rack (2.0.3)
    rack-protection (2.0.0)
      rack
    require_all (1.4.0)
    sequel (4.43.0)
    sinatra (2.0.0)
      mustermann (~> 1.0)
      rack (~> 2.0)
      rack-protection (= 2.0.0)
      tilt (~> 2.0)
    tilt (2.0.8)

PLATFORMS
  ruby

DEPENDENCIES
  puma
  require_all
  sequel
  sinatra

BUNDLED WITH
   1.14.4
